GEM
  remote: https://rubygems.org/
  specs:
    coderay (1.1.3)
    method_source (1.0.0)
    pry (0.14.1)
      coderay (~> 1.1)
      method_source (~> 1.0)
    serialport (1.3.1)

PLATFORMS
  ruby

DEPENDENCIES
  pry
  serialport

BUNDLED WITH
   1.17.3
